PATH
  remote: .
  specs:
    miq (0.0.1)
      gli (= 2.17.0)
      manageiq-api-client (~> 0.2.0)

GEM
  remote: https://rubygems.org/
  specs:
    activesupport (5.0.6)
      concurrent-ruby (~> 1.0, >= 1.0.2)
      i18n (~> 0.7)
      minitest (~> 5.1)
      tzinfo (~> 1.1)
    concurrent-ruby (1.0.5)
    faraday (0.9.2)
      multipart-post (>= 1.2, < 3)
    faraday_middleware (0.10.1)
      faraday (>= 0.7.4, < 1.0)
    gli (2.17.0)
    i18n (0.9.0)
      concurrent-ruby (~> 1.0)
    json (2.0.4)
    manageiq-api-client (0.2.0)
      activesupport (~> 5.0)
      faraday (~> 0.9.2)
      faraday_middleware (~> 0.10.0)
      json (~> 2.0.1)
      more_core_extensions
      query_relation
    minitest (5.10.3)
    more_core_extensions (3.4.0)
      activesupport
    multipart-post (2.0.0)
    query_relation (0.1.1)
      activesupport
      more_core_extensions
    rake (12.1.0)
    thread_safe (0.3.6)
    tzinfo (1.2.4)
      thread_safe (~> 0.1)

PLATFORMS
  ruby
  x86_64-darwin-16

DEPENDENCIES
  miq!
  rake

BUNDLED WITH
   1.16.0.pre.3
